GEM
  remote: https://rubygems.org/
  specs:
    rake (13.0.6)
    ruby-debug-ide (0.7.3)
      rake (>= 0.8.1)

PLATFORMS
  x64-mingw-ucrt

DEPENDENCIES
  ruby-debug-ide

BUNDLED WITH
   2.3.26
