GEM
  remote: https://rubygems.org/
  specs:
    ansi (1.5.0)
    builder (3.2.4)
    minitest (5.16.3)
    minitest-reporters (1.5.0)
      ansi
      builder
      minitest (>= 5.0)
      ruby-progressbar
    minitest-runners (1.1.5)
    rake (13.0.6)
    ruby-debug-ide (0.7.3)
      rake (>= 0.8.1)
    ruby-progressbar (1.11.0)

PLATFORMS
  x64-mingw-ucrt

DEPENDENCIES
  minitest-reporters
  minitest-runners
  ruby-debug-ide

BUNDLED WITH
   2.3.26
