GEM
  remote: https://rubygems.org/
  specs:
    minitest (5.20.0)
    rake (13.0.6)

PLATFORMS
  x64-mingw-ucrt

DEPENDENCIES
  bundler
  minitest
  rake

BUNDLED WITH
   2.4.20
